PATH
  remote: .
  specs:
    auditr (0.0.1)

GEM
  remote: https://rubygems.org/
  specs:
    rake (10.0.3)

PLATFORMS
  ruby

DEPENDENCIES
  auditr!
  bundler (~> 1.3)
  rake
